GEM
  remote: https://rubygems.org/
  specs:
    minitest (5.25.4)

PLATFORMS
  ruby

DEPENDENCIES
  minitest

BUNDLED WITH
   1.17.2
